GEM
  remote: http://rubygems.org/
  specs:
    xml-simple (1.1.1)

PLATFORMS
  ruby

DEPENDENCIES
  xml-simple
